PATH
  remote: .
  specs:
    stocker (1.0.13)
      thor (~> 0.18)
      titleize (~> 1.3)

GEM
  remote: https://rubygems.org/
  specs:
    thor (0.18.1)
    titleize (1.3.0)

PLATFORMS
  ruby

DEPENDENCIES
  stocker!
