PATH
  remote: .
  specs:
    stocker (1.3.4)
      rake
      thor
      titleize

GEM
  remote: https://rubygems.org/
  specs:
    aruba (0.5.4)
      childprocess (>= 0.3.6)
      cucumber (>= 1.1.1)
      rspec-expectations (>= 2.7.0)
    builder (3.2.2)
    childprocess (0.5.1)
      ffi (~> 1.0, >= 1.0.11)
    cucumber (1.3.10)
      builder (>= 2.1.2)
      diff-lcs (>= 1.1.3)
      gherkin (~> 2.12)
      multi_json (>= 1.7.5, < 2.0)
      multi_test (>= 0.0.2)
    diff-lcs (1.2.5)
    ffi (1.9.3)
    gherkin (2.12.2)
      multi_json (~> 1.3)
    multi_json (1.9.0)
    multi_test (0.0.3)
    rake (10.3.2)
    rspec-expectations (2.14.5)
      diff-lcs (>= 1.1.3, < 2.0)
    thor (0.19.1)
    titleize (1.3.0)

PLATFORMS
  ruby

DEPENDENCIES
  aruba
  cucumber
  stocker!
